PATH
  remote: .
  specs:
    chocolate_shell (0.0.1)

GEM
  remote: https://rubygems.org/
  specs:
    bundler-audit (0.4.0)
      bundler (~> 1.2)
      thor (~> 0.18)
    coderay (1.1.1)
    diff-lcs (1.2.5)
    docile (1.1.5)
    flog (4.3.2)
      ruby_parser (~> 3.1, > 3.1.0)
      sexp_processor (~> 4.4)
    json (1.8.3)
    method_source (0.8.2)
    pry (0.10.3)
      coderay (~> 1.1.0)
      method_source (~> 0.8.1)
      slop (~> 3.4)
    rspec (3.4.0)
      rspec-core (~> 3.4.0)
      rspec-expectations (~> 3.4.0)
      rspec-mocks (~> 3.4.0)
    rspec-core (3.4.4)
      rspec-support (~> 3.4.0)
    rspec-expectations (3.4.0)
      diff-lcs (>= 1.2.0, < 2.0)
      rspec-support (~> 3.4.0)
    rspec-mocks (3.4.1)
      diff-lcs (>= 1.2.0, < 2.0)
      rspec-support (~> 3.4.0)
    rspec-support (3.4.1)
    ruby_parser (3.7.3)
      sexp_processor (~> 4.1)
    sexp_processor (4.6.1)
    simplecov (0.10.0)
      docile (~> 1.1.0)
      json (~> 1.8)
      simplecov-html (~> 0.10.0)
    simplecov-html (0.10.0)
    slop (3.6.0)
    thor (0.19.1)

PLATFORMS
  ruby

DEPENDENCIES
  bundler-audit
  chocolate_shell!
  flog
  pry
  rspec (~> 3.4)
  simplecov

BUNDLED WITH
   1.10.6
